GEM
  remote: https://rubygems.org/
  specs:
    apipie-bindings (0.3.0)
      json (>= 1.2.1)
      oauth
      rest-client (>= 1.6.5, < 3.0.0)
    citrus (3.0.2)
    coderay (1.1.2)
    domain_name (0.5.20190701)
      unf (>= 0.0.5, < 1.0.0)
    http-accept (1.7.0)
    http-cookie (1.0.3)
      domain_name (~> 0.5)
    json (2.3.0)
    method_source (1.0.0)
    mime-types (3.3.1)
      mime-types-data (~> 3.2015)
    mime-types-data (3.2019.1009)
    netrc (0.11.0)
    oauth (0.5.4)
    parallel (1.19.1)
    pry (0.13.0)
      coderay (~> 1.1)
      method_source (~> 1.0)
    rest-client (2.1.0)
      http-accept (>= 1.7.0, < 2.0)
      http-cookie (>= 1.0.2, < 2.0)
      mime-types (>= 1.16, < 4.0)
      netrc (~> 0.8)
    toml-rb (2.0.1)
      citrus (~> 3.0, > 3.0)
    unf (0.1.4)
      unf_ext
    unf_ext (0.0.7.6)

PLATFORMS
  ruby

DEPENDENCIES
  apipie-bindings
  parallel
  pry
  rest-client
  toml-rb

BUNDLED WITH
   1.17.2
